STRATEGY: MIN
RESTRICTION: >= net45
NUGET
  remote: https://www.nuget.org/api/v2
    FSharp.Core (3.1.2.5) - redirects: force

GROUP Build
RESTRICTION: >= net45
NUGET
  remote: https://www.nuget.org/api/v2
    FAKE (4.64.13)
    FSharp.Compiler.Service (2.0.0.6)
    FSharp.Formatting (2.14.4)
      FSharp.Compiler.Service (2.0.0.6)
      FSharpVSPowerTools.Core (>= 2.3 < 2.4)
    FSharpVSPowerTools.Core (2.3)
      FSharp.Compiler.Service (>= 2.0.0.3)
    Octokit (0.29)
    SourceLink.Fake (1.1)
GITHUB
  remote: fsharp/FAKE
    modules/Octokit/Octokit.fsx (896e227b6da98b21001a1e5940df01d442bc7a25)
      Octokit (>= 0.20)
GROUP Test
RESTRICTION: >= net45
NUGET
  remote: https://www.nuget.org/api/v2
    EntityFramework (6.1.3)
    NUnit (2.6.5)
    NUnit.Runners (2.6.5)
